PATH
  remote: .
  specs:
    spooked (0.0.1)
      faraday (~> 0.9)
      faraday_middleware (~> 0.10.1)

GEM
  remote: https://rubygems.org/
  specs:
    faraday (0.10.0)
      multipart-post (>= 1.2, < 3)
    faraday_middleware (0.10.1)
      faraday (>= 0.7.4, < 1.0)
    multipart-post (2.0.0)

PLATFORMS
  ruby

DEPENDENCIES
  spooked!

BUNDLED WITH
   1.13.6
